GEM
  remote: https://rubygems.org/
  specs:
    addressable (2.3.8)
    anemone (0.7.2)
      nokogiri (>= 1.3.0)
      robotex (>= 1.0.0)
    backports (3.6.6)
    casperjs (1.0.0)
    coderay (1.1.0)
    ethon (0.8.0)
      ffi (>= 1.3.0)
    faraday (0.9.2)
      multipart-post (>= 1.2, < 3)
    faraday_middleware (0.10.0)
      faraday (>= 0.7.4, < 0.10)
    ffi (1.9.10)
    gh (0.14.0)
      addressable
      backports
      faraday (~> 0.8)
      multi_json (~> 1.0)
      net-http-persistent (>= 2.7)
      net-http-pipeline
    highline (1.7.8)
    image_size (1.4.1)
    json (1.8.3)
    launchy (2.4.3)
      addressable (~> 2.3)
    log4r (1.1.10)
    method_source (0.8.2)
    mini_portile (0.6.2)
    multi_json (1.11.2)
    multipart-post (2.0.0)
    net-http-persistent (2.9.4)
    net-http-pipeline (1.0.1)
    nokogiri (1.6.6.2)
      mini_portile (~> 0.6.0)
    parallel (1.6.1)
    pry (0.9.12.6)
      coderay (~> 1.0)
      method_source (~> 0.8)
      slop (~> 3.4)
    pusher-client (0.6.2)
      json
      websocket (~> 1.0)
    rake (10.4.2)
    robotex (1.0.0)
    slop (3.6.0)
    thor (0.19.1)
    travis (1.8.0)
      addressable (~> 2.3)
      backports
      faraday (~> 0.9)
      faraday_middleware (~> 0.9, >= 0.9.1)
      gh (~> 0.13)
      highline (~> 1.6)
      launchy (~> 2.1)
      pry (~> 0.9, < 0.10)
      pusher-client (~> 0.4)
      typhoeus (~> 0.6, >= 0.6.8)
    typhoeus (0.8.0)
      ethon (>= 0.8.0)
    websocket (1.2.2)
    wraith (2.7.0)
      anemone
      casperjs
      image_size
      log4r
      nokogiri
      parallel
      rake
      robotex
      thor

PLATFORMS
  ruby

DEPENDENCIES
  travis (~> 1.8.0)
  wraith (~> 2.7.0)

BUNDLED WITH
   1.10.6
